GEM
  remote: http://rubygems.org/
  specs:
    gmp (0.5.41)

PLATFORMS
  ruby

DEPENDENCIES
  gmp
